GIT
  remote: git://github.com/xoebus/hangar.git
  revision: 4c7f85f5d02a9c0b2788a0bd0bd0f59f7a24452f
  specs:
    hangar (0.0.1)
      rubyzip (~> 1.1.6)

GEM
  remote: https://rubygems.org/
  specs:
    rubyzip (1.1.6)

PLATFORMS
  ruby

DEPENDENCIES
  hangar!
