GIT
  remote: git://github.com/xoebus/hangar.git
  revision: d8280f74c2ec1285f5f9135a5ccebeaff21b2393
  specs:
    hangar (0.0.1)
      rubyzip (~> 1.1.6)

GEM
  remote: https://rubygems.org/
  specs:
    rubyzip (1.1.6)

PLATFORMS
  ruby

DEPENDENCIES
  hangar!
