GIT
  remote: git://github.com/xoebus/hangar.git
  revision: eafaaf882c30754823547d9190593aa83b752bb9
  specs:
    hangar (0.0.1)
      rubyzip (~> 1.1.6)

GEM
  remote: https://rubygems.org/
  specs:
    rubyzip (1.1.6)

PLATFORMS
  ruby

DEPENDENCIES
  hangar!
