GIT
  remote: git://github.com/concourse/hangar.git
  revision: 25a6cf7899e60f7a3f2f06994f74f9d0ee7a54a7
  specs:
    hangar (0.0.1)
      minitar (~> 0.5.4)
      rubyzip (~> 1.1.6)

GEM
  remote: https://rubygems.org/
  specs:
    minitar (0.5.4)
    rubyzip (1.1.7)

PLATFORMS
  ruby

DEPENDENCIES
  hangar!

BUNDLED WITH
   1.10.5
