GIT
  remote: git://github.com/xoebus/hangar.git
  revision: 854756a398c79b393de26e0269e13908708ef492
  specs:
    hangar (0.0.1)
      rubyzip (~> 1.1.6)

GEM
  remote: https://rubygems.org/
  specs:
    rubyzip (1.1.6)

PLATFORMS
  ruby

DEPENDENCIES
  hangar!
