GIT
  remote: git://github.com/concourse/hangar.git
  revision: 4da5bfd1473ed4f435d3b1adba1549eb18c4065c
  specs:
    hangar (0.0.1)
      minitar (~> 0.5.4)
      rubyzip (~> 1.1.6)

GEM
  remote: https://rubygems.org/
  specs:
    minitar (0.5.4)
    rubyzip (1.1.7)

PLATFORMS
  ruby

DEPENDENCIES
  hangar!
