GIT
  remote: git://github.com/xoebus/hangar.git
  revision: 06dbb6249066652cce2901dfd23377b49e95c34b
  specs:
    hangar (0.0.1)
      rubyzip (~> 1.1.6)

GEM
  remote: https://rubygems.org/
  specs:
    rubyzip (1.1.6)

PLATFORMS
  ruby

DEPENDENCIES
  hangar!
